FRAMEWORK: NET461
NUGET
  remote: https://www.nuget.org/api/v2
    FSharp.Charting (0.90.14)
    FSharp.Control.AsyncSeq (2.0.11)
    FSharp.Data (2.3.2)
    Newtonsoft.Json (10.0.1)
    Rx-Core (2.2.5)
      Rx-Interfaces (>= 2.2.5)
    Rx-Interfaces (2.2.5)
    Rx-Linq (2.2.5)
      Rx-Core (>= 2.2.5)
      Rx-Interfaces (>= 2.2.5)
