FRAMEWORK: NET461
NUGET
  remote: https://www.nuget.org/api/v2
    FAKE (4.57.4)
    FSharp.Core (4.1.2)
      System.ValueTuple (>= 4.3)
    Nancy (1.4.3)
    Nancy.Hosting.Self (1.4.1)
      Nancy (>= 1.4.1)
    System.ValueTuple (4.3)
